GEM
  remote: http://rubygems.org/
  specs:
    diff-lcs (1.1.3)
    facter (1.6.13)
    hiera (1.1.0)
      json
    json (1.7.5)
    librarian-puppet (0.9.7)
      json
      puppet
      thor (~> 0.15)
    metaclass (0.0.1)
    mocha (0.12.7)
      metaclass (~> 0.0.1)
    puppet (3.0.0)
      facter (>= 1.6.11)
      hiera (>= 1.0.0rc)
    puppet-lint (0.3.2)
    rake (0.9.2.2)
    rspec (2.11.0)
      rspec-core (~> 2.11.0)
      rspec-expectations (~> 2.11.0)
      rspec-mocks (~> 2.11.0)
    rspec-core (2.11.1)
    rspec-expectations (2.11.3)
      diff-lcs (~> 1.1.3)
    rspec-mocks (2.11.3)
    rspec-puppet (0.1.5)
      rspec
    thor (0.16.0)

PLATFORMS
  ruby

DEPENDENCIES
  librarian-puppet
  mocha (>= 0.11.0)
  puppet (>= 2.7)
  puppet-lint
  rake (>= 0.9.0)
  rspec (>= 2.8.0)
  rspec-puppet (>= 0.1.1)
